GEM
  remote: https://rubygems.org/
  specs:
    webrick (1.9.1)

PLATFORMS
  x64-mingw-ucrt
  x86_64-linux

DEPENDENCIES
  webrick

BUNDLED WITH
   2.5.22
